GEM

  remote: https://rubygems.org/

  specs:

    rack (2.2.3)

    telegram-bot-ruby (0.5.0)

      rack (~> 2.0)

      rest-client (~> 2.0)

      telegram-bot-types (~> 0.5)

    telegram-bot-types (0.5.0)

    rest-client (2.1.0)

PLATFORMS

  ruby

DEPENDENCIES

  rack (~> 2.2.3)

  telegram-bot-ruby (~> 0.5.0)

BUNDLED WITH

   2.2.17
